PATH
  remote: .
  specs:
    zaws (0.0.1)
      json (~> 1.5.0)
      mixlib-shellout (~> 1.1.0)
      netaddr (~> 1.5.0)
      thor (~> 0.18.1)

GEM
  remote: https://rubygems.org/
  specs:
    aruba (0.5.4)
      childprocess (>= 0.3.6)
      cucumber (>= 1.1.1)
      rspec-expectations (>= 2.7.0)
    aruba-doubles (1.2.1)
      cucumber (>= 1.0.2)
      rspec (>= 2.6.0)
    builder (3.2.2)
    childprocess (0.5.3)
      ffi (~> 1.0, >= 1.0.11)
    cucumber (1.3.15)
      builder (>= 2.1.2)
      diff-lcs (>= 1.1.3)
      gherkin (~> 2.12)
      multi_json (>= 1.7.5, < 2.0)
      multi_test (>= 0.1.1)
    diff-lcs (1.2.5)
    ffi (1.9.3)
    gems (0.8.3)
    gherkin (2.12.2)
      multi_json (~> 1.3)
    json (1.5.5)
    mixlib-shellout (1.1.0)
    multi_json (1.10.1)
    multi_test (0.1.1)
    netaddr (1.5.0)
    rake (10.3.2)
    rspec (2.14.1)
      rspec-core (~> 2.14.0)
      rspec-expectations (~> 2.14.0)
      rspec-mocks (~> 2.14.0)
    rspec-core (2.14.8)
    rspec-expectations (2.14.5)
      diff-lcs (>= 1.1.3, < 2.0)
    rspec-mocks (2.14.6)
    thor (0.18.1)

PLATFORMS
  ruby

DEPENDENCIES
  aruba (~> 0.5.4)
  aruba-doubles (~> 1.2.1)
  bundler (~> 1.1.5)
  cucumber (~> 1.3.14)
  gems (~> 0.8.3)
  rake
  rspec (~> 2.14.1)
  zaws!
